GIT
  remote: git://github.com/psionides/factory_girl_dm.git
  revision: 0dc9accd63c20e48e336f3f237f90f7cbe1079e8
  specs:
    dm-factory_girl (1.2.3)

GIT
  remote: git://github.com/schwabsauce/merb_dm_xss_terminate.git
  revision: 5ee5f92b61af29f5c79b89d677f27811800a639d
  specs:
    merb_dm_xss_terminate (0.6.1)
      html5 (>= 0.10.0)
      merb-core (>= 0.9.0)

GEM
  remote: http://rubygems.org/
  specs:
    aaronh-chronic (0.3.9)
    abstract (1.0.0)
    activesupport (3.0.3)
    addressable (2.2.4)
    archive-tar-minitar (0.5.2)
    bcrypt-ruby (2.1.4)
    builder (3.0.0)
    chardet (0.9.0)
    chronic (0.3.0)
    ci_reporter (1.6.4)
      builder (>= 2.1.2)
    columnize (0.3.2)
    daemons (1.0.10)
    data_objects (0.10.3)
      addressable (~> 2.1)
    delorean (0.2.1)
      chronic
    dm-adjust (0.10.2)
      dm-core (~> 0.10.2)
    dm-aggregates (0.10.2)
      dm-core (~> 0.10.2)
    dm-core (0.10.2)
      addressable (~> 2.1)
      extlib (~> 0.9.14)
    dm-is-list (0.10.2)
      dm-adjust (~> 0.10.2)
      dm-core (~> 0.10.2)
    dm-is-tree (0.10.2)
      dm-core (~> 0.10.2)
    dm-migrations (0.10.2)
      dm-core (~> 0.10.2)
    dm-observer (0.10.2)
      dm-core (~> 0.10.2)
    dm-serializer (0.10.2)
      dm-core (~> 0.10.2)
      fastercsv (~> 1.5.0)
      json_pure (~> 1.2.0)
    dm-timestamps (0.10.2)
      dm-core (~> 0.10.2)
    dm-types (0.10.2)
      bcrypt-ruby (~> 2.1.2)
      dm-core (~> 0.10.2)
      fastercsv (~> 1.5.0)
      json_pure (~> 1.2.0)
      stringex (~> 1.1.0)
      uuidtools (~> 2.1.1)
    dm-validations (0.10.2)
      dm-core (~> 0.10.2)
    do_mysql (0.10.3)
      data_objects (= 0.10.3)
    erubis (2.6.6)
      abstract (>= 1.0.0)
    extlib (0.9.15)
    fastercsv (1.5.4)
    gem_plugin (0.2.3)
    hoe (2.9.1)
      rake (>= 0.8.7)
    hpricot (0.8.3)
    html5 (0.10.0)
      chardet (>= 0.9.0)
      hoe (>= 1.2.0)
    i18n (0.5.0)
    icalendar (1.1.5)
    jslint_on_rails (1.0.5)
    json_pure (1.2.4)
    linecache19 (0.5.11)
      ruby_core_source (>= 0.1.4)
    mailfactory (1.4.0)
      mime-types (>= 1.13.1)
    merb-assets (1.1.0.pre)
      merb-core (~> 1.1.0.pre)
    merb-auth-core (1.1.0.pre)
      merb-core (~> 1.1.0.pre)
    merb-auth-more (1.1.0.pre)
      merb-auth-core (~> 1.1.0.pre)
    merb-auth-slice-password (1.1.0.pre)
      merb-auth-core (~> 1.1.0.pre)
      merb-auth-more (~> 1.1.0.pre)
      merb-slices (~> 1.1.0.pre)
    merb-core (1.1.0.pre)
      bundler (>= 0.9.3)
      erubis (>= 2.6.2)
      extlib (>= 0.9.13)
      mime-types (>= 1.16)
      rack
      rake
      rspec
    merb-exceptions (1.1.0.pre)
      merb-core (~> 1.1.0.pre)
      merb-mailer (~> 1.1.0.pre)
    merb-helpers (1.1.0.pre)
      merb-core (~> 1.1.0.pre)
    merb-mailer (1.1.0.pre)
      mailfactory (>= 1.2.3)
      merb-core (~> 1.1.0.pre)
    merb-param-protection (1.1.0.pre)
      merb-core (~> 1.1.0.pre)
    merb-slices (1.1.0.pre)
      merb-core (~> 1.1.0.pre)
    merb_datamapper (1.1.0.pre)
      dm-core (~> 0.10)
      dm-migrations (~> 0.10)
      merb-core (= 1.1.0.pre)
    mime-types (1.16)
    mongrel (1.2.0.pre2)
      daemons (~> 1.0.10)
      gem_plugin (~> 0.2.3)
    net-ldap (0.1.1)
    nokogiri (1.4.1)
    open4 (0.9.6)
    rack (1.2.1)
    rack_revision_info (0.3.5)
    rake (0.8.7)
    rcov (0.9.9)
    rcov_stats (2.2.3)
      hpricot (~> 0.8.2)
      rake (~> 0.8.7)
      rcov (~> 0.9.9)
    rspec (1.3.0)
    ruby-debug-base19 (0.11.24)
      columnize (>= 0.3.1)
      linecache19 (>= 0.5.11)
      ruby_core_source (>= 0.1.4)
    ruby-debug19 (0.11.6)
      columnize (>= 0.3.1)
      linecache19 (>= 0.5.11)
      ruby-debug-base19 (>= 0.11.19)
    ruby_core_source (0.1.4)
      archive-tar-minitar (>= 0.5.2)
    stringex (1.1.0)
    uuidtools (2.1.2)
    vlad (2.0.0)
      open4 (~> 0.9.0)
      rake (~> 0.8.0)
    vlad-git (2.0.0)
    whenever (0.6.2)
      aaronh-chronic (>= 0.3.9)
      activesupport (>= 2.3.4)

PLATFORMS
  ruby

DEPENDENCIES
  ci_reporter
  delorean
  dm-aggregates (= 0.10.2)
  dm-core (= 0.10.2)
  dm-factory_girl (= 1.2.3)!
  dm-is-list (= 0.10.2)
  dm-is-tree (= 0.10.2)
  dm-migrations (= 0.10.2)
  dm-observer (= 0.10.2)
  dm-serializer (= 0.10.2)
  dm-timestamps (= 0.10.2)
  dm-types (= 0.10.2)
  dm-validations (= 0.10.2)
  do_mysql
  fastercsv (= 1.5.4)
  i18n
  icalendar (~> 1.1.0)
  jslint_on_rails
  merb-assets (= 1.1.0.pre)
  merb-auth-core (= 1.1.0.pre)
  merb-auth-more (= 1.1.0.pre)
  merb-auth-slice-password (= 1.1.0.pre)
  merb-core (= 1.1.0.pre)
  merb-exceptions (= 1.1.0.pre)
  merb-helpers (= 1.1.0.pre)
  merb-mailer (= 1.1.0.pre)
  merb-param-protection (= 1.1.0.pre)
  merb-slices (= 1.1.0.pre)
  merb_datamapper (= 1.1.0.pre)
  merb_dm_xss_terminate!
  mongrel (= 1.2.0.pre2)
  net-ldap
  nokogiri (= 1.4.1)
  rack_revision_info
  rcov
  rcov_stats
  rspec (= 1.3.0)
  ruby-debug19
  vlad (= 2.0.0)
  vlad-git (= 2.0.0)
  whenever
